GEM
  remote: https://rubygems.org/
  specs:
    chunky_png (1.3.11)
    mini_gpio (1.0.0)
    spi (0.1.1)

PLATFORMS
  ruby

DEPENDENCIES
  chunky_png
  mini_gpio
  spi

BUNDLED WITH
   2.1.4
