GEM
  remote: https://rubygems.org/
  specs:
    chunky_png (1.3.11)
    rpi_gpio (0.3.3)
    spi (0.1.1)

PLATFORMS
  ruby

DEPENDENCIES
  chunky_png
  rpi_gpio
  spi

BUNDLED WITH
   2.1.4
